GEM
  remote: https://rubygems.org/
  specs:
    pdf-core (0.7.0)
    prawn (2.2.2)
      pdf-core (~> 0.7.0)
      ttfunk (~> 1.5)
    rake (12.3.3)
    ttfunk (1.5.1)

PLATFORMS
  ruby

DEPENDENCIES
  prawn
  rake

BUNDLED WITH
   2.0.1
